GEM
  remote: https://rubygems.org/
  specs:
    RedCloth (4.2.9)
    activemodel (3.2.13)
      activesupport (= 3.2.13)
      builder (~> 3.0.0)
    activerecord (3.2.13)
      activemodel (= 3.2.13)
      activesupport (= 3.2.13)
      arel (~> 3.0.2)
      tzinfo (~> 0.3.29)
    activesupport (3.2.13)
      i18n (= 0.6.1)
      multi_json (~> 1.0)
    addressable (2.2.8)
    arel (3.0.2)
    builder (3.0.4)
    data_objects (0.10.13)
      addressable (~> 2.1)
    dm-core (1.2.0)
      addressable (~> 2.2.6)
    dm-do-adapter (1.2.0)
      data_objects (~> 0.10.6)
      dm-core (~> 1.2.0)
    dm-migrations (1.2.0)
      dm-core (~> 1.2.0)
    dm-sqlite-adapter (1.2.0)
      dm-do-adapter (~> 1.2.0)
      do_sqlite3 (~> 0.10.6)
    dm-validations (1.2.0)
      dm-core (~> 1.2.0)
    do_sqlite3 (0.10.13)
      data_objects (= 0.10.13)
    git (1.2.5)
    hashr (0.0.22)
    i18n (0.6.1)
    jeweler (1.8.4)
      bundler (~> 1.0)
      git (>= 1.2.5)
      rake
      rdoc
    json (1.8.0)
    mongoid (3.1.4)
      activemodel (~> 3.2)
      moped (~> 1.4)
      origin (~> 1.0)
      tzinfo (~> 0.3.22)
    moped (1.5.0)
    multi_json (1.7.5)
    origin (1.1.0)
    rake (10.0.4)
    rdoc (4.0.1)
      json (~> 1.4)
    sqlite3 (1.3.7)
    travis-lint (1.7.0)
      hashr (~> 0.0.22)
    tzinfo (0.3.37)

PLATFORMS
  ruby

DEPENDENCIES
  RedCloth (= 4.2.9)
  activerecord (= 3.2.13)
  dm-core (= 1.2.0)
  dm-migrations (= 1.2.0)
  dm-sqlite-adapter (= 1.2.0)
  dm-validations (= 1.2.0)
  i18n (= 0.6.1)
  jeweler (= 1.8.4)
  mongoid (= 3.1.4)
  sqlite3 (= 1.3.7)
  travis-lint (= 1.7.0)
